GEM
  specs:

PLATFORMS
  ruby

DEPENDENCIES

BUNDLED WITH
   1.16.1
